Brain Vision Data Exchange Header File Version 1.0
; Data created from the EEGLAB software

[Common Infos]
DataFile=sub-023_task-Domino_ses-01_ieeg-Micro.dat
MarkerFile=sub-023_task-Domino_ses-01_ieeg-Micro.vmrk
DataFormat=BINARY
; Data orientation: VECTORIZED=ch1,pt1, ch1,pt2..., MULTIPLEXED=ch1,pt1, ch2,pt1 ...
DataOrientation=VECTORIZED
DataType=TIMEDOMAIN
NumberOfChannels=105
DataPoints=64585074
; Sampling interval in microseconds if time domain (convert to Hertz:
; 1000000 / SamplingInterval) or in Hertz if frequency domain:
SamplingInterval=3.333333e+01

[Binary Infos]
BinaryFormat=IEEE_FLOAT_32

[Channel Infos]
; Each entry: Ch<Channel number>=<Name>,<Reference channel name>,
; <Resolution in microvolts>,<Future extensions..
; Fields are delimited by commas, some fields might be omited (empty).
; Commas in channel names are coded as "".
Ch1=LOF1,, 
Ch2=LOF2,, 
Ch3=LOF3,, 
Ch4=LOF4,, 
Ch5=LOF5,, 
Ch6=LOF6,, 
Ch7=LOF7,, 
Ch8=LOF8,, 
Ch9=LA1,, 
Ch10=LA2,, 
Ch11=LA3,, 
Ch12=LA4,, 
Ch13=LA5,, 
Ch14=LA6,, 
Ch15=LA7,, 
Ch16=LA8,, 
Ch17=LMH1,, 
Ch18=LMH2,, 
Ch19=LMH3,, 
Ch20=LMH4,, 
Ch21=LMH5,, 
Ch22=LMH6,, 
Ch23=LMH7,, 
Ch24=LMH8,, 
Ch25=LPHG1,, 
Ch26=LPHG2,, 
Ch27=LPHG3,, 
Ch28=LPHG4,, 
Ch29=LPHG5,, 
Ch30=LPHG6,, 
Ch31=LPHG7,, 
Ch32=LPHG8,, 
Ch33=LO01,, 
Ch34=LO02,, 
Ch35=LO03,, 
Ch36=LO04,, 
Ch37=LO05,, 
Ch38=LO06,, 
Ch39=LO07,, 
Ch40=LO08,, 
Ch41=LO09,, 
Ch42=ROF-AC01,, 
Ch43=ROF-AC02,, 
Ch44=ROF-AC03,, 
Ch45=ROF-AC04,, 
Ch46=ROF-AC05,, 
Ch47=ROF-AC06,, 
Ch48=ROF-AC07,, 
Ch49=ROF-AC08,, 
Ch50=ROF-AC09,, 
Ch51=RF1,, 
Ch52=RF2,, 
Ch53=RF3,, 
Ch54=RF4,, 
Ch55=RF5,, 
Ch56=RF6,, 
Ch57=RF7,, 
Ch58=RF8,, 
Ch59=RA1,, 
Ch60=RA2,, 
Ch61=RA3,, 
Ch62=RA4,, 
Ch63=RA5,, 
Ch64=RA6,, 
Ch65=RA7,, 
Ch66=RA8,, 
Ch67=RMH1,, 
Ch68=RMH2,, 
Ch69=RMH3,, 
Ch70=RMH4,, 
Ch71=RMH5,, 
Ch72=RMH6,, 
Ch73=RMH7,, 
Ch74=RMH8,, 
Ch75=RPHG1,, 
Ch76=RPHG2,, 
Ch77=RPHG3,, 
Ch78=RPHG4,, 
Ch79=RPHG5,, 
Ch80=RPHG6,, 
Ch81=RPHG7,, 
Ch82=RPHG8,, 
Ch83=RTO1,, 
Ch84=RTO2,, 
Ch85=RTO3,, 
Ch86=RTO4,, 
Ch87=RTO5,, 
Ch88=RTO6,, 
Ch89=RTO7,, 
Ch90=RTO8,, 
Ch91=RO1,, 
Ch92=RO2,, 
Ch93=RO3,, 
Ch94=RO4,, 
Ch95=RO5,, 
Ch96=RO6,, 
Ch97=RO7,, 
Ch98=RO8,, 
Ch99=ainp1,, 
Ch100=ainp2,, 
Ch101=ainp3,, 
Ch102=ainp4,, 
Ch103=ainp5,, 
Ch104=ainp6,, 
Ch105=ainp7,, 

