Brain Vision Data Exchange Header File Version 1.0
; Data created from the EEGLAB software

[Common Infos]
DataFile=sub-030_task-Domino_ses-01_ieeg-Micro.dat
MarkerFile=sub-030_task-Domino_ses-01_ieeg-Micro.vmrk
DataFormat=BINARY
; Data orientation: VECTORIZED=ch1,pt1, ch1,pt2..., MULTIPLEXED=ch1,pt1, ch2,pt1 ...
DataOrientation=VECTORIZED
DataType=TIMEDOMAIN
NumberOfChannels=95
DataPoints=8454629
; Sampling interval in microseconds if time domain (convert to Hertz:
; 1000000 / SamplingInterval) or in Hertz if frequency domain:
SamplingInterval=3.333333e+01

[Binary Infos]
BinaryFormat=IEEE_FLOAT_32

[Channel Infos]
; Each entry: Ch<Channel number>=<Name>,<Reference channel name>,
; <Resolution in microvolts>,<Future extensions..
; Fields are delimited by commas, some fields might be omited (empty).
; Commas in channel names are coded as "".
Ch1=RA1,, 
Ch2=RA2,, 
Ch3=RA3,, 
Ch4=RA4,, 
Ch5=RA5,, 
Ch6=RA6,, 
Ch7=RA7,, 
Ch8=RA8,, 
Ch9=ROF1,, 
Ch10=ROF2,, 
Ch11=ROF3,, 
Ch12=ROF4,, 
Ch13=ROF5,, 
Ch14=ROF6,, 
Ch15=ROF7,, 
Ch16=ROF8,, 
Ch17=RH1,, 
Ch18=RH2,, 
Ch19=RH3,, 
Ch20=RH4,, 
Ch21=RH5,, 
Ch22=RH6,, 
Ch23=RH7,, 
Ch24=RH8,, 
Ch25=RMidCing1,, 
Ch26=RMidCing2,, 
Ch27=RMidCing3,, 
Ch28=RMidCing4,, 
Ch29=RMidCing5,, 
Ch30=RMidCing6,, 
Ch31=RMidCing7,, 
Ch32=RMidCing8,, 
Ch33=RF1,, 
Ch34=RF2,, 
Ch35=RF3,, 
Ch36=RF4,, 
Ch37=RF5,, 
Ch38=RF6,, 
Ch39=RF7,, 
Ch40=RF8,, 
Ch41=RAC1,, 
Ch42=RAC2,, 
Ch43=RAC3,, 
Ch44=RAC4,, 
Ch45=RAC5,, 
Ch46=RAC6,, 
Ch47=RAC7,, 
Ch48=RAC8,, 
Ch49=RdACC1,, 
Ch50=RdACC2,, 
Ch51=RdACC3,, 
Ch52=RdACC4,, 
Ch53=RdACC5,, 
Ch54=RdACC6,, 
Ch55=RdACC7,, 
Ch56=RdACC8,, 
Ch57=RSF1,, 
Ch58=RSF2,, 
Ch59=RSF3,, 
Ch60=RSF4,, 
Ch61=RSF5,, 
Ch62=RSF6,, 
Ch63=RSF7,, 
Ch64=RSF8,, 
Ch65=RpreMotor1,, 
Ch66=RpreMotor2,, 
Ch67=RpreMotor3,, 
Ch68=RpreMotor4,, 
Ch69=RpreMotor5,, 
Ch70=RpreMotor6,, 
Ch71=RpreMotor7,, 
Ch72=RpreMotor8,, 
Ch73=LF1,, 
Ch74=LF2,, 
Ch75=LF3,, 
Ch76=LF4,, 
Ch77=LF5,, 
Ch78=LF6,, 
Ch79=LF7,, 
Ch80=LF8,, 
Ch81=LSMA1,, 
Ch82=LSMA2,, 
Ch83=LSMA3,, 
Ch84=LSMA4,, 
Ch85=LSMA5,, 
Ch86=LSMA6,, 
Ch87=LSMA7,, 
Ch88=LSMA8,, 
Ch89=ainp1,, 
Ch90=ainp2,, 
Ch91=ainp3,, 
Ch92=ainp4,, 
Ch93=ainp5,, 
Ch94=ainp6,, 
Ch95=ainp7,, 

