Brain Vision Data Exchange Header File Version 1.0
; Data created from the EEGLAB software

[Common Infos]
DataFile=sub-016_task-Domino_ses-01_ieeg-Macro.dat
MarkerFile=sub-016_task-Domino_ses-01_ieeg-Macro.vmrk
DataFormat=BINARY
; Data orientation: VECTORIZED=ch1,pt1, ch1,pt2..., MULTIPLEXED=ch1,pt1, ch2,pt1 ...
DataOrientation=VECTORIZED
DataType=TIMEDOMAIN
NumberOfChannels=89
DataPoints=3783244
; Sampling interval in microseconds if time domain (convert to Hertz:
; 1000000 / SamplingInterval) or in Hertz if frequency domain:
SamplingInterval=500

[Binary Infos]
BinaryFormat=IEEE_FLOAT_32

[Channel Infos]
; Each entry: Ch<Channel number>=<Name>,<Reference channel name>,
; <Resolution in microvolts>,<Future extensions..
; Fields are delimited by commas, some fields might be omited (empty).
; Commas in channel names are coded as "".
Ch1=EEG_LAF1,, 
Ch2=EEG_LAF2,, 
Ch3=EEG_LAF3,, 
Ch4=EEG_LAF4,, 
Ch5=EEG_LAF5,, 
Ch6=EEG_LAF6,, 
Ch7=EEG_LAF7,, 
Ch8=EEG_LAF8,, 
Ch9=EEG_LdAC1,, 
Ch10=EEG_LdAC2,, 
Ch11=EEG_LdAC3,, 
Ch12=EEG_LdAC4,, 
Ch13=EEG_LdAC5,, 
Ch14=EEG_LdAC6,, 
Ch15=EEG_LdAC7,, 
Ch16=EEG_LdAC8,, 
Ch17=EEG_LOFAC1,, 
Ch18=EEG_LOFAC2,, 
Ch19=EEG_LOFAC3,, 
Ch20=EEG_LOFAC4,, 
Ch21=EEG_LOFAC5,, 
Ch22=EEG_LOFAC6,, 
Ch23=EEG_LOFAC7,, 
Ch24=EEG_LOFAC8,, 
Ch25=EEG_LSF1,, 
Ch26=EEG_LSF2,, 
Ch27=EEG_LSF3,, 
Ch28=EEG_LSF4,, 
Ch29=EEG_LSF5,, 
Ch30=EEG_LSF6,, 
Ch31=EEG_LSF7,, 
Ch32=EEG_LSF8,, 
Ch33=EEG_LpCING1,, 
Ch34=EEG_LpCING2,, 
Ch35=EEG_LpCING3,, 
Ch36=EEG_LpCING4,, 
Ch37=EEG_LpCING5,, 
Ch38=EEG_LpCING6,, 
Ch39=EEG_LpCING7,, 
Ch40=EEG_LpCING8,, 
Ch41=EEG_LMH1,, 
Ch42=EEG_LMH2,, 
Ch43=EEG_LMH3,, 
Ch44=EEG_LMH4,, 
Ch45=EEG_LMH5,, 
Ch46=EEG_LMH6,, 
Ch47=EEG_LMH7,, 
Ch48=EEG_LMH8,, 
Ch49=EEG_LEC1,, 
Ch50=EEG_LEC2,, 
Ch51=EEG_LEC3,, 
Ch52=EEG_LEC4,, 
Ch53=EEG_LEC5,, 
Ch54=EEG_LEC6,, 
Ch55=EEG_RdAC1,, 
Ch56=EEG_RdAC2,, 
Ch57=EEG_RdAC3,, 
Ch58=EEG_RdAC4,, 
Ch59=EEG_RdAC5,, 
Ch60=EEG_RdAC6,, 
Ch61=EEG_RdAC7,, 
Ch62=EEG_RdAC8,, 
Ch63=EEG_RpCING1,, 
Ch64=EEG_RpCING2,, 
Ch65=EEG_RpCING3,, 
Ch66=EEG_RpCING4,, 
Ch67=EEG_RpCING5,, 
Ch68=EEG_RpCING6,, 
Ch69=EEG_RpCING7,, 
Ch70=EEG_RpCING8,, 
Ch71=EEG_RSF1,, 
Ch72=EEG_RSF2,, 
Ch73=EEG_RSF3,, 
Ch74=EEG_RSF4,, 
Ch75=EEG_RSF5,, 
Ch76=EEG_RSF6,, 
Ch77=EEG_RSF7,, 
Ch78=EEG_RSF8,, 
Ch79=black,, 
Ch80=red,, 
Ch81=yellow,, 
Ch82=white,, 
Ch83=blue,, 
Ch84=black_knot,, 
Ch85=Fz,, 
Ch86=Cz,, 
Ch87=Pz,, 
Ch88=ECG1,, 
Ch89=ECG2,, 

