Brain Vision Data Exchange Header File Version 1.0
; Data created from the EEGLAB software

[Common Infos]
DataFile=sub-030_task-Domino_ses-01_ieeg-Macro.dat
MarkerFile=sub-030_task-Domino_ses-01_ieeg-Macro.vmrk
DataFormat=BINARY
; Data orientation: VECTORIZED=ch1,pt1, ch1,pt2..., MULTIPLEXED=ch1,pt1, ch2,pt1 ...
DataOrientation=VECTORIZED
DataType=TIMEDOMAIN
NumberOfChannels=96
DataPoints=566969
; Sampling interval in microseconds if time domain (convert to Hertz:
; 1000000 / SamplingInterval) or in Hertz if frequency domain:
SamplingInterval=500

[Binary Infos]
BinaryFormat=IEEE_FLOAT_32

[Channel Infos]
; Each entry: Ch<Channel number>=<Name>,<Reference channel name>,
; <Resolution in microvolts>,<Future extensions..
; Fields are delimited by commas, some fields might be omited (empty).
; Commas in channel names are coded as "".
Ch1=EEG_RSF1,, 
Ch2=EEG_RSF2,, 
Ch3=EEG_RSF3,, 
Ch4=EEG_RSF4,, 
Ch5=EEG_RSF5,, 
Ch6=EEG_RSF6,, 
Ch7=EEG_RSF7,, 
Ch8=EEG_RSF8,, 
Ch9=EEG_RPreMotor1,, 
Ch10=EEG_RPreMotor2,, 
Ch11=EEG_RPreMotor3,, 
Ch12=EEG_RPreMotor4,, 
Ch13=EEG_RPreMotor5,, 
Ch14=EEG_RPreMotor6,, 
Ch15=EEG_RPreMotor7,, 
Ch16=EEG_RPreMotor8,, 
Ch17=EEG_RSMA1,, 
Ch18=EEG_RSMA2,, 
Ch19=EEG_RSMA3,, 
Ch20=EEG_RSMA4,, 
Ch21=EEG_RSMA5,, 
Ch22=EEG_RSMA6,, 
Ch23=EEG_RSMA7,, 
Ch24=EEG_RSMA8,, 
Ch25=EEG_RF1,, 
Ch26=EEG_RF2,, 
Ch27=EEG_RF3,, 
Ch28=EEG_RF4,, 
Ch29=EEG_RF5,, 
Ch30=EEG_RF6,, 
Ch31=EEG_RF7,, 
Ch32=EEG_RF8,, 
Ch33=EEG_ROF1,, 
Ch34=EEG_ROF2,, 
Ch35=EEG_ROF3,, 
Ch36=EEG_ROF4,, 
Ch37=EEG_ROF5,, 
Ch38=EEG_ROF6,, 
Ch39=EEG_ROF7,, 
Ch40=EEG_ROF8,, 
Ch41=EEG_RAC1,, 
Ch42=EEG_RAC2,, 
Ch43=EEG_RAC3,, 
Ch44=EEG_RAC4,, 
Ch45=EEG_RAC5,, 
Ch46=EEG_RAC6,, 
Ch47=EEG_RAC7,, 
Ch48=EEG_RAC8,, 
Ch49=EEG_RdACC1,, 
Ch50=EEG_RdACC2,, 
Ch51=EEG_RdACC3,, 
Ch52=EEG_RdACC4,, 
Ch53=EEG_RdACC5,, 
Ch54=EEG_RdACC6,, 
Ch55=EEG_RdACC7,, 
Ch56=EEG_RdACC8,, 
Ch57=EEG_RMidCing1,, 
Ch58=EEG_RMidCing2,, 
Ch59=EEG_RMidCing3,, 
Ch60=EEG_RMidCing4,, 
Ch61=EEG_RMidCing5,, 
Ch62=EEG_RMidCing6,, 
Ch63=EEG_RMidCing7,, 
Ch64=EEG_RMidCing8,, 
Ch65=EEG_RA1,, 
Ch66=EEG_RA2,, 
Ch67=EEG_RA3,, 
Ch68=EEG_RA4,, 
Ch69=EEG_RA5,, 
Ch70=EEG_RA6,, 
Ch71=EEG_RA7,, 
Ch72=EEG_RA8,, 
Ch73=EEG_RH1,, 
Ch74=EEG_RH2,, 
Ch75=EEG_RH3,, 
Ch76=EEG_RH4,, 
Ch77=EEG_RH5,, 
Ch78=EEG_RH6,, 
Ch79=EEG_RH7,, 
Ch80=EEG_RH8,, 
Ch81=EEG_LF1,, 
Ch82=EEG_LF2,, 
Ch83=EEG_LF3,, 
Ch84=EEG_LF4,, 
Ch85=EEG_LF5,, 
Ch86=EEG_LF6,, 
Ch87=EEG_LF7,, 
Ch88=EEG_LF8,, 
Ch89=EEG_LSMA1,, 
Ch90=EEG_LSMA2,, 
Ch91=EEG_LSMA3,, 
Ch92=EEG_LSMA4,, 
Ch93=EEG_LSMA5,, 
Ch94=EEG_LSMA6,, 
Ch95=EEG_LSMA7,, 
Ch96=EEG_LSMA8,, 

