Brain Vision Data Exchange Header File Version 1.0
; Data created from the EEGLAB software

[Common Infos]
DataFile=sub-017_task-Domino_ses-01_ieeg-Macro.dat
MarkerFile=sub-017_task-Domino_ses-01_ieeg-Macro.vmrk
DataFormat=BINARY
; Data orientation: VECTORIZED=ch1,pt1, ch1,pt2..., MULTIPLEXED=ch1,pt1, ch2,pt1 ...
DataOrientation=VECTORIZED
DataType=TIMEDOMAIN
NumberOfChannels=90
DataPoints=2450032
; Sampling interval in microseconds if time domain (convert to Hertz:
; 1000000 / SamplingInterval) or in Hertz if frequency domain:
SamplingInterval=500

[Binary Infos]
BinaryFormat=IEEE_FLOAT_32

[Channel Infos]
; Each entry: Ch<Channel number>=<Name>,<Reference channel name>,
; <Resolution in microvolts>,<Future extensions..
; Fields are delimited by commas, some fields might be omited (empty).
; Commas in channel names are coded as "".
Ch1=EEG_LOF1,, 
Ch2=EEG_LOF2,, 
Ch3=EEG_LOF3,, 
Ch4=EEG_LOF4,, 
Ch5=EEG_LOF5,, 
Ch6=EEG_LOF6,, 
Ch7=EEG_LOF7,, 
Ch8=EEG_LOF8,, 
Ch9=EEG_LAI1,, 
Ch10=EEG_LAI2,, 
Ch11=EEG_LAI3,, 
Ch12=EEG_LAI4,, 
Ch13=EEG_LAI5,, 
Ch14=EEG_LAI6,, 
Ch15=EEG_LAI7,, 
Ch16=EEG_LAI8,, 
Ch17=EEG_LMI1,, 
Ch18=EEG_LMI2,, 
Ch19=EEG_LMI3,, 
Ch20=EEG_LMI4,, 
Ch21=EEG_LMI5,, 
Ch22=EEG_LMI6,, 
Ch23=EEG_LMI7,, 
Ch24=EEG_LMI8,, 
Ch25=EEG_LSI1,, 
Ch26=EEG_LSI2,, 
Ch27=EEG_LSI3,, 
Ch28=EEG_LSI4,, 
Ch29=EEG_LSI5,, 
Ch30=EEG_LSI6,, 
Ch31=EEG_LSI7,, 
Ch32=EEG_LSI8,, 
Ch33=EEG_LPI1,, 
Ch34=EEG_LPI2,, 
Ch35=EEG_LPI3,, 
Ch36=EEG_LPI4,, 
Ch37=EEG_LPI5,, 
Ch38=EEG_LPI6,, 
Ch39=EEG_LPI7,, 
Ch40=EEG_LPI8,, 
Ch41=EEG_LSTG1,, 
Ch42=EEG_LSTG2,, 
Ch43=EEG_LSTG3,, 
Ch44=EEG_LSTG4,, 
Ch45=EEG_LSTG5,, 
Ch46=EEG_LSTG6,, 
Ch47=EEG_LSTG7,, 
Ch48=EEG_LSTG8,, 
Ch49=EEG_LPHG1,, 
Ch50=EEG_LPHG2,, 
Ch51=EEG_LPHG3,, 
Ch52=EEG_LPHG4,, 
Ch53=EEG_LPHG5,, 
Ch54=EEG_LPHG6,, 
Ch55=EEG_LPHG7,, 
Ch56=EEG_LPHG8,, 
Ch57=EEG_RA1,, 
Ch58=EEG_RA2,, 
Ch59=EEG_RA3,, 
Ch60=EEG_RA4,, 
Ch61=EEG_RA5,, 
Ch62=EEG_RA6,, 
Ch63=EEG_RA7,, 
Ch64=EEG_RA8,, 
Ch65=EEG_REC1,, 
Ch66=EEG_REC2,, 
Ch67=EEG_REC3,, 
Ch68=EEG_REC4,, 
Ch69=EEG_REC5,, 
Ch70=EEG_REC6,, 
Ch71=EEG_REC7,, 
Ch72=EEG_REC8,, 
Ch73=EEG_RMH1,, 
Ch74=EEG_RMH2,, 
Ch75=EEG_RMH3,, 
Ch76=EEG_RMH4,, 
Ch77=EEG_RMH5,, 
Ch78=EEG_RMH6,, 
Ch79=black,, 
Ch80=black_1,, 
Ch81=red,, 
Ch82=yellow,, 
Ch83=white,, 
Ch84=blue,, 
Ch85=Fz-Green,, 
Ch86=Cz-White,, 
Ch87=Pz-red,, 
Ch88=unused,, 
Ch89=ECG1,, 
Ch90=ECG2,, 

