Brain Vision Data Exchange Header File Version 1.0
; Data created from the EEGLAB software

[Common Infos]
DataFile=sub-021_task-Domino_ses-01_ieeg-Micro.dat
MarkerFile=sub-021_task-Domino_ses-01_ieeg-Micro.vmrk
DataFormat=BINARY
; Data orientation: VECTORIZED=ch1,pt1, ch1,pt2..., MULTIPLEXED=ch1,pt1, ch2,pt1 ...
DataOrientation=VECTORIZED
DataType=TIMEDOMAIN
NumberOfChannels=71
DataPoints=53461290
; Sampling interval in microseconds if time domain (convert to Hertz:
; 1000000 / SamplingInterval) or in Hertz if frequency domain:
SamplingInterval=3.333333e+01

[Binary Infos]
BinaryFormat=IEEE_FLOAT_32

[Channel Infos]
; Each entry: Ch<Channel number>=<Name>,<Reference channel name>,
; <Resolution in microvolts>,<Future extensions..
; Fields are delimited by commas, some fields might be omited (empty).
; Commas in channel names are coded as "".
Ch1=RAH1,, 
Ch2=RAH2,, 
Ch3=RAH3,, 
Ch4=RAH4,, 
Ch5=RAH5,, 
Ch6=RAH6,, 
Ch7=RAH7,, 
Ch8=RAH8,, 
Ch9=ROF-AC1,, 
Ch10=ROF-AC2,, 
Ch11=ROF-AC3,, 
Ch12=ROF-AC4,, 
Ch13=ROF-AC5,, 
Ch14=ROF-AC6,, 
Ch15=ROF-AC7,, 
Ch16=ROF-AC8,, 
Ch17=LA1,, 
Ch18=LA2,, 
Ch19=LA3,, 
Ch20=LA4,, 
Ch21=LA5,, 
Ch22=LA6,, 
Ch23=LA7,, 
Ch24=LA8,, 
Ch25=LEC1,, 
Ch26=LEC2,, 
Ch27=LEC3,, 
Ch28=LEC4,, 
Ch29=LEC5,, 
Ch30=LEC6,, 
Ch31=LEC7,, 
Ch32=LEC8,, 
Ch33=LMH1,, 
Ch34=LMH2,, 
Ch35=LMH3,, 
Ch36=LMH4,, 
Ch37=LMH5,, 
Ch38=LMH6,, 
Ch39=LMH7,, 
Ch40=LMH8,, 
Ch41=LPHG1,, 
Ch42=LPHG2,, 
Ch43=LPHG3,, 
Ch44=LPHG4,, 
Ch45=LPHG5,, 
Ch46=LPHG6,, 
Ch47=LPHG7,, 
Ch48=LPHG8,, 
Ch49=LOF1,, 
Ch50=LOF2,, 
Ch51=LOF3,, 
Ch52=LOF4,, 
Ch53=LOF5,, 
Ch54=LOF6,, 
Ch55=LOF7,, 
Ch56=LOF8,, 
Ch57=LAC1,, 
Ch58=LAC2,, 
Ch59=LAC3,, 
Ch60=LAC4,, 
Ch61=LAC5,, 
Ch62=LAC6,, 
Ch63=LAC7,, 
Ch64=LAC8,, 
Ch65=ainp1,, 
Ch66=ainp2,, 
Ch67=ainp3,, 
Ch68=ainp4,, 
Ch69=ainp5,, 
Ch70=ainp6,, 
Ch71=ainp7,, 

