Brain Vision Data Exchange Header File Version 1.0
; Data created from the EEGLAB software

[Common Infos]
DataFile=sub-018_task-Domino_ses-01_ieeg-Micro.dat
MarkerFile=sub-018_task-Domino_ses-01_ieeg-Micro.vmrk
DataFormat=BINARY
; Data orientation: VECTORIZED=ch1,pt1, ch1,pt2..., MULTIPLEXED=ch1,pt1, ch2,pt1 ...
DataOrientation=VECTORIZED
DataType=TIMEDOMAIN
NumberOfChannels=79
DataPoints=71175778
; Sampling interval in microseconds if time domain (convert to Hertz:
; 1000000 / SamplingInterval) or in Hertz if frequency domain:
SamplingInterval=3.333333e+01

[Binary Infos]
BinaryFormat=IEEE_FLOAT_32

[Channel Infos]
; Each entry: Ch<Channel number>=<Name>,<Reference channel name>,
; <Resolution in microvolts>,<Future extensions..
; Fields are delimited by commas, some fields might be omited (empty).
; Commas in channel names are coded as "".
Ch1=RA1,, 
Ch2=RA2,, 
Ch3=RA3,, 
Ch4=RA4,, 
Ch5=RA5,, 
Ch6=RA6,, 
Ch7=RA7,, 
Ch8=RA8,, 
Ch9=RMH1,, 
Ch10=RMH2,, 
Ch11=RMH3,, 
Ch12=RMH4,, 
Ch13=RMH5,, 
Ch14=RMH6,, 
Ch15=RMH7,, 
Ch16=RMH8,, 
Ch17=ROF-AC1,, 
Ch18=ROF-AC2,, 
Ch19=ROF-AC3,, 
Ch20=ROF-AC4,, 
Ch21=ROF-AC5,, 
Ch22=ROF-AC6,, 
Ch23=ROF-AC7,, 
Ch24=ROF-AC8,, 
Ch25=RAC1,, 
Ch26=RAC2,, 
Ch27=RAC3,, 
Ch28=RAC4,, 
Ch29=RAC5,, 
Ch30=RAC6,, 
Ch31=RAC7,, 
Ch32=RAC8,, 
Ch33=RCAUD1,, 
Ch34=RCAUD2,, 
Ch35=RCAUD3,, 
Ch36=RCAUD4,, 
Ch37=RCAUD5,, 
Ch38=RCAUD6,, 
Ch39=RCAUD7,, 
Ch40=RCAUD8,, 
Ch41=RMC1,, 
Ch42=RMC2,, 
Ch43=RMC3,, 
Ch44=RMC4,, 
Ch45=RMC5,, 
Ch46=RMC6,, 
Ch47=RMC7,, 
Ch48=RMC8,, 
Ch49=RSMA1,, 
Ch50=RSMA2,, 
Ch51=RSMA3,, 
Ch52=RSMA4,, 
Ch53=RSMA5,, 
Ch54=RSMA6,, 
Ch55=RSMA7,, 
Ch56=RSMA8,, 
Ch57=LCAUD1,, 
Ch58=LCAUD2,, 
Ch59=LCAUD3,, 
Ch60=LCAUD4,, 
Ch61=LCAUD5,, 
Ch62=LCAUD6,, 
Ch63=LCAUD7,, 
Ch64=LCAUD8,, 
Ch65=LOF-AC1,, 
Ch66=LOF-AC2,, 
Ch67=LOF-AC3,, 
Ch68=LOF-AC4,, 
Ch69=LOF-AC5,, 
Ch70=LOF-AC6,, 
Ch71=LOF-AC7,, 
Ch72=LOF-AC8,, 
Ch73=ainp1,, 
Ch74=ainp2,, 
Ch75=ainp3,, 
Ch76=ainp4,, 
Ch77=ainp5,, 
Ch78=ainp6,, 
Ch79=ainp7,, 

