Brain Vision Data Exchange Header File Version 1.0
; Data created from the EEGLAB software

[Common Infos]
DataFile=sub-004_task-Domino_ses-01_ieeg-Micro.dat
MarkerFile=sub-004_task-Domino_ses-01_ieeg-Micro.vmrk
DataFormat=BINARY
; Data orientation: VECTORIZED=ch1,pt1, ch1,pt2..., MULTIPLEXED=ch1,pt1, ch2,pt1 ...
DataOrientation=VECTORIZED
DataType=TIMEDOMAIN
NumberOfChannels=50
DataPoints=18635944
; Sampling interval in microseconds if time domain (convert to Hertz:
; 1000000 / SamplingInterval) or in Hertz if frequency domain:
SamplingInterval=3.333333e+01

[Binary Infos]
BinaryFormat=IEEE_FLOAT_32

[Channel Infos]
; Each entry: Ch<Channel number>=<Name>,<Reference channel name>,
; <Resolution in microvolts>,<Future extensions..
; Fields are delimited by commas, some fields might be omited (empty).
; Commas in channel names are coded as "".
Ch1=mRAH1,, 
Ch2=mRAH2,, 
Ch3=mRAH3,, 
Ch4=mRAH4,, 
Ch5=mRAH5,, 
Ch6=mRAH6,, 
Ch7=mRAH7,, 
Ch8=mRAH8,, 
Ch9=mRA1,, 
Ch10=mRA2,, 
Ch11=mRA3,, 
Ch12=mRA4,, 
Ch13=mRA5,, 
Ch14=mRA6,, 
Ch15=mRA7,, 
Ch16=mRA8,, 
Ch17=mROF1,, 
Ch18=mROF2,, 
Ch19=mROF3,, 
Ch20=mROF4,, 
Ch21=mROF5,, 
Ch22=mROF6,, 
Ch23=mROF7,, 
Ch24=mROF8,, 
Ch25=mLAH1,, 
Ch26=mLAH2,, 
Ch27=mLAH3,, 
Ch28=mLAH4,, 
Ch29=mLAH5,, 
Ch30=mLAH6,, 
Ch31=mLAH7,, 
Ch32=mLAH8,, 
Ch33=mLA1,, 
Ch34=mLA2,, 
Ch35=mLA3,, 
Ch36=mLA4,, 
Ch37=mLA5,, 
Ch38=mLA6,, 
Ch39=mLA7,, 
Ch40=mLA8,, 
Ch41=mLOF1,, 
Ch42=mLOF2,, 
Ch43=mLOF3,, 
Ch44=mLOF4,, 
Ch45=mLOF5,, 
Ch46=mLOF6,, 
Ch47=mLOF7,, 
Ch48=mLOF8,, 
Ch49=ainp1,, 
Ch50=ainp2,, 

