Brain Vision Data Exchange Header File Version 1.0
; Data created from the EEGLAB software

[Common Infos]
DataFile=sub-017_task-Domino_ses-01_ieeg-Micro.dat
MarkerFile=sub-017_task-Domino_ses-01_ieeg-Micro.vmrk
DataFormat=BINARY
; Data orientation: VECTORIZED=ch1,pt1, ch1,pt2..., MULTIPLEXED=ch1,pt1, ch2,pt1 ...
DataOrientation=VECTORIZED
DataType=TIMEDOMAIN
NumberOfChannels=89
DataPoints=36666419
; Sampling interval in microseconds if time domain (convert to Hertz:
; 1000000 / SamplingInterval) or in Hertz if frequency domain:
SamplingInterval=3.333333e+01

[Binary Infos]
BinaryFormat=IEEE_FLOAT_32

[Channel Infos]
; Each entry: Ch<Channel number>=<Name>,<Reference channel name>,
; <Resolution in microvolts>,<Future extensions..
; Fields are delimited by commas, some fields might be omited (empty).
; Commas in channel names are coded as "".
Ch1=LOF1,, 
Ch2=LOF2,, 
Ch3=LOF3,, 
Ch4=LOF4,, 
Ch5=LOF5,, 
Ch6=LOF6,, 
Ch7=LOF7,, 
Ch8=LOF8,, 
Ch9=LAI1,, 
Ch10=LAI2,, 
Ch11=LAI3,, 
Ch12=LAI4,, 
Ch13=LAI5,, 
Ch14=LAI6,, 
Ch15=LAI7,, 
Ch16=LAI8,, 
Ch17=LMI1,, 
Ch18=LMI2,, 
Ch19=LMI3,, 
Ch20=LMI4,, 
Ch21=LMI5,, 
Ch22=LMI6,, 
Ch23=LMI7,, 
Ch24=LMI8,, 
Ch25=LSI1,, 
Ch26=LSI2,, 
Ch27=LSI3,, 
Ch28=LSI4,, 
Ch29=LSI5,, 
Ch30=LSI6,, 
Ch31=LSI7,, 
Ch32=LSI8,, 
Ch33=LPI1,, 
Ch34=LPI2,, 
Ch35=LPI3,, 
Ch36=LPI4,, 
Ch37=LPI5,, 
Ch38=LPI6,, 
Ch39=LPI7,, 
Ch40=LPI8,, 
Ch41=LSTG1,, 
Ch42=LSTG2,, 
Ch43=LSTG3,, 
Ch44=LSTG4,, 
Ch45=LSTG5,, 
Ch46=LSTG6,, 
Ch47=LSTG7,, 
Ch48=LSTG8,, 
Ch49=LPHG1,, 
Ch50=LPHG2,, 
Ch51=LPHG3,, 
Ch52=LPHG4,, 
Ch53=LPHG5,, 
Ch54=LPHG6,, 
Ch55=LPHG7,, 
Ch56=LPHG8,, 
Ch57=RA1,, 
Ch58=RA2,, 
Ch59=RA3,, 
Ch60=RA4,, 
Ch61=RA5,, 
Ch62=RA6,, 
Ch63=RA7,, 
Ch64=RA8,, 
Ch65=REC1,, 
Ch66=REC2,, 
Ch67=REC3,, 
Ch68=REC4,, 
Ch69=REC5,, 
Ch70=REC6,, 
Ch71=REC7,, 
Ch72=REC8,, 
Ch73=RMH1,, 
Ch74=RMH2,, 
Ch75=RMH3,, 
Ch76=RMH4,, 
Ch77=RMH5,, 
Ch78=RMH6,, 
Ch79=RMH7,, 
Ch80=RMH8,, 
Ch81=RMH9,, 
Ch82=RMH10,, 
Ch83=ainp1,, 
Ch84=ainp2,, 
Ch85=ainp3,, 
Ch86=ainp4,, 
Ch87=ainp5,, 
Ch88=ainp6,, 
Ch89=ainp7,, 

