Brain Vision Data Exchange Header File Version 1.0
; Data created from the EEGLAB software

[Common Infos]
DataFile=sub-009_task-Domino_ses-01_ieeg-Micro.dat
MarkerFile=sub-009_task-Domino_ses-01_ieeg-Micro.vmrk
DataFormat=BINARY
; Data orientation: VECTORIZED=ch1,pt1, ch1,pt2..., MULTIPLEXED=ch1,pt1, ch2,pt1 ...
DataOrientation=VECTORIZED
DataType=TIMEDOMAIN
NumberOfChannels=88
DataPoints=52537862
; Sampling interval in microseconds if time domain (convert to Hertz:
; 1000000 / SamplingInterval) or in Hertz if frequency domain:
SamplingInterval=3.333333e+01

[Binary Infos]
BinaryFormat=IEEE_FLOAT_32

[Channel Infos]
; Each entry: Ch<Channel number>=<Name>,<Reference channel name>,
; <Resolution in microvolts>,<Future extensions..
; Fields are delimited by commas, some fields might be omited (empty).
; Commas in channel names are coded as "".
Ch1=RMH1,, 
Ch2=RMH2,, 
Ch3=RMH3,, 
Ch4=RMH4,, 
Ch5=RMH5,, 
Ch6=RMH6,, 
Ch7=RMH7,, 
Ch8=RMH8,, 
Ch9=REC1,, 
Ch10=REC2,, 
Ch11=REC3,, 
Ch12=REC4,, 
Ch13=REC5,, 
Ch14=REC6,, 
Ch15=REC7,, 
Ch16=REC8,, 
Ch17=RA1,, 
Ch18=RA2,, 
Ch19=RA3,, 
Ch20=RA4,, 
Ch21=RA5,, 
Ch22=RA6,, 
Ch23=RA7,, 
Ch24=RA8,, 
Ch25=RSTG1,, 
Ch26=RSTG2,, 
Ch27=RSTG3,, 
Ch28=RSTG4,, 
Ch29=RSTG5,, 
Ch30=RSTG6,, 
Ch31=RSTG7,, 
Ch32=RSTG8,, 
Ch33=RACv1,, 
Ch34=RACv2,, 
Ch35=RACv3,, 
Ch36=RACv4,, 
Ch37=RACv5,, 
Ch38=RACv6,, 
Ch39=RACv7,, 
Ch40=RACv8,, 
Ch41=RpSMA1,, 
Ch42=RpSMA2,, 
Ch43=RpSMA3,, 
Ch44=RpSMA4,, 
Ch45=RpSMA5,, 
Ch46=RpSMA6,, 
Ch47=RpSMA7,, 
Ch48=RpSMA8,, 
Ch49=RAF1,, 
Ch50=RAF2,, 
Ch51=RAF3,, 
Ch52=RAF4,, 
Ch53=RAF5,, 
Ch54=RAF6,, 
Ch55=RAF7,, 
Ch56=RAF8,, 
Ch57=LEC-LPHG1,, 
Ch58=LEC-LPHG2,, 
Ch59=LEC-LPHG3,, 
Ch60=LEC-LPHG4,, 
Ch61=LEC-LPHG5,, 
Ch62=LEC-LPHG6,, 
Ch63=LEC-LPHG7,, 
Ch64=LEC-LPHG8,, 
Ch65=LAH1,, 
Ch66=LAH2,, 
Ch67=LAH3,, 
Ch68=LAH4,, 
Ch69=LAH5,, 
Ch70=LAH6,, 
Ch71=LAH7,, 
Ch72=LAH8,, 
Ch73=LACv1,, 
Ch74=LACv2,, 
Ch75=LACv3,, 
Ch76=LACv4,, 
Ch77=LACv5,, 
Ch78=LACv6,, 
Ch79=LACv7,, 
Ch80=LACv8,, 
Ch81=LpSMA1,, 
Ch82=LpSMA2,, 
Ch83=LpSMA3,, 
Ch84=LpSMA4,, 
Ch85=LpSMA5,, 
Ch86=LpSMA6,, 
Ch87=LpSMA7,, 
Ch88=LpSMA8,, 

