Brain Vision Data Exchange Header File Version 1.0
; Data created from the EEGLAB software

[Common Infos]
DataFile=sub-004_task-Domino_ses-01_ieeg-Macro.dat
MarkerFile=sub-004_task-Domino_ses-01_ieeg-Macro.vmrk
DataFormat=BINARY
; Data orientation: VECTORIZED=ch1,pt1, ch1,pt2..., MULTIPLEXED=ch1,pt1, ch2,pt1 ...
DataOrientation=VECTORIZED
DataType=TIMEDOMAIN
NumberOfChannels=51
DataPoints=1242397
; Sampling interval in microseconds if time domain (convert to Hertz:
; 1000000 / SamplingInterval) or in Hertz if frequency domain:
SamplingInterval=500

[Binary Infos]
BinaryFormat=IEEE_FLOAT_32

[Channel Infos]
; Each entry: Ch<Channel number>=<Name>,<Reference channel name>,
; <Resolution in microvolts>,<Future extensions..
; Fields are delimited by commas, some fields might be omited (empty).
; Commas in channel names are coded as "".
Ch1=RAH1,, 
Ch2=RAH2,, 
Ch3=RAH3,, 
Ch4=RAH4,, 
Ch5=RAH5,, 
Ch6=RAH6,, 
Ch7=RAH7,, 
Ch8=RAH8,, 
Ch9=RA1,, 
Ch10=RA2,, 
Ch11=RA3,, 
Ch12=RA4,, 
Ch13=RA5,, 
Ch14=RA6,, 
Ch15=RA7,, 
Ch16=RA8,, 
Ch17=ROF1,, 
Ch18=ROF2,, 
Ch19=ROF3,, 
Ch20=ROF4,, 
Ch21=ROF5,, 
Ch22=ROF6,, 
Ch23=ROF7,, 
Ch24=ROF8,, 
Ch25=LAH1,, 
Ch26=LAH2,, 
Ch27=LAH3,, 
Ch28=LAH4,, 
Ch29=LAH5,, 
Ch30=LAH6,, 
Ch31=LAH7,, 
Ch32=LAH8,, 
Ch33=LA1,, 
Ch34=LA2,, 
Ch35=LA3,, 
Ch36=LA4,, 
Ch37=LA5,, 
Ch38=LA6,, 
Ch39=LA7,, 
Ch40=LA8,, 
Ch41=LOF1,, 
Ch42=LOF2,, 
Ch43=LOF3,, 
Ch44=LOF4,, 
Ch45=LOF5,, 
Ch46=LOF6,, 
Ch47=LOF7,, 
Ch48=LOF8,, 
Ch49=PZ,, 
Ch50=ECG1,, 
Ch51=ECG2,, 

