Brain Vision Data Exchange Header File Version 1.0
; Data created from the EEGLAB software

[Common Infos]
DataFile=sub-006_task-Domino_ses-01_ieeg-Macro.dat
MarkerFile=sub-006_task-Domino_ses-01_ieeg-Macro.vmrk
DataFormat=BINARY
; Data orientation: VECTORIZED=ch1,pt1, ch1,pt2..., MULTIPLEXED=ch1,pt1, ch2,pt1 ...
DataOrientation=VECTORIZED
DataType=TIMEDOMAIN
NumberOfChannels=59
DataPoints=9210222
; Sampling interval in microseconds if time domain (convert to Hertz:
; 1000000 / SamplingInterval) or in Hertz if frequency domain:
SamplingInterval=100

[Binary Infos]
BinaryFormat=IEEE_FLOAT_32

[Channel Infos]
; Each entry: Ch<Channel number>=<Name>,<Reference channel name>,
; <Resolution in microvolts>,<Future extensions..
; Fields are delimited by commas, some fields might be omited (empty).
; Commas in channel names are coded as "".
Ch1=RMH_EEG65,, 
Ch2=RMH_EEG66,, 
Ch3=RMH_EEG67,, 
Ch4=RMH_EEG68,, 
Ch5=RMH_EEG69,, 
Ch6=RMH_EEG70,, 
Ch7=RMH_EEG71,, 
Ch8=RMH_EEG72,, 
Ch9=REC_EEG73,, 
Ch10=REC_EEG74,, 
Ch11=REC_EEG75,, 
Ch12=REC_EEG76,, 
Ch13=REC_EEG77,, 
Ch14=REC_EEG78,, 
Ch15=REC_EEG79,, 
Ch16=REC_EEG80,, 
Ch17=RA_EEG81,, 
Ch18=RA_EEG82,, 
Ch19=RA_EEG83,, 
Ch20=RA_EEG84,, 
Ch21=RA_EEG85,, 
Ch22=RA_EEG86,, 
Ch23=RA_EEG87,, 
Ch24=RA_EEG88,, 
Ch25=RAC_EEG89,, 
Ch26=RAC_EEG90,, 
Ch27=RAC_EEG91,, 
Ch28=RAC_EEG92,, 
Ch29=RAC_EEG93,, 
Ch30=RAC_EEG94,, 
Ch31=RAC_EEG95,, 
Ch32=RAC_EEG96,, 
Ch33=RMC_EEG97,, 
Ch34=RMC_EEG98,, 
Ch35=RMC_EEG99,, 
Ch36=RMC_EEG100,, 
Ch37=RMC_EEG101,, 
Ch38=RMC_EEG102,, 
Ch39=RMC_EEG103,, 
Ch40=RMC_EEG104,, 
Ch41=RCAUD_EEG105,, 
Ch42=RCAUD_EEG106,, 
Ch43=RCAUD_EEG107,, 
Ch44=RCAUD_EEG108,, 
Ch45=RCAUD_EEG109,, 
Ch46=RCAUD_EEG110,, 
Ch47=RCAUD_EEG111,, 
Ch48=RCAUD_EEG112,, 
Ch49=RAF_EEG113,, 
Ch50=RAF_EEG114,, 
Ch51=RAF_EEG115,, 
Ch52=RAF_EEG116,, 
Ch53=RAF_EEG117,, 
Ch54=RAF_EEG118,, 
Ch55=RAF_EEG119,, 
Ch56=RAF_EEG120,, 
Ch57=ainp1,, 
Ch58=ainp2,, 
Ch59=ainp3,, 

