Brain Vision Data Exchange Header File Version 1.0
; Data created from the EEGLAB software

[Common Infos]
DataFile=sub-023_task-Domino_ses-01_ieeg-Macro.dat
MarkerFile=sub-023_task-Domino_ses-01_ieeg-Macro.vmrk
DataFormat=BINARY
; Data orientation: VECTORIZED=ch1,pt1, ch1,pt2..., MULTIPLEXED=ch1,pt1, ch2,pt1 ...
DataOrientation=VECTORIZED
DataType=TIMEDOMAIN
NumberOfChannels=102
DataPoints=4313032
; Sampling interval in microseconds if time domain (convert to Hertz:
; 1000000 / SamplingInterval) or in Hertz if frequency domain:
SamplingInterval=500

[Binary Infos]
BinaryFormat=IEEE_FLOAT_32

[Channel Infos]
; Each entry: Ch<Channel number>=<Name>,<Reference channel name>,
; <Resolution in microvolts>,<Future extensions..
; Fields are delimited by commas, some fields might be omited (empty).
; Commas in channel names are coded as "".
Ch1=EEG_RA1,, 
Ch2=EEG_RA2,, 
Ch3=EEG_RA3,, 
Ch4=EEG_RA4,, 
Ch5=EEG_RA5,, 
Ch6=EEG_RA6,, 
Ch7=EEG_RA7,, 
Ch8=EEG_RA8,, 
Ch9=EEG_RMH1,, 
Ch10=EEG_RMH2,, 
Ch11=EEG_RMH3,, 
Ch12=EEG_RMH4,, 
Ch13=EEG_RMH5,, 
Ch14=EEG_RMH6,, 
Ch15=EEG_RMH7,, 
Ch16=EEG_RMH8,, 
Ch17=EEG_RPHG1,, 
Ch18=EEG_RPHG2,, 
Ch19=EEG_RPHG3,, 
Ch20=EEG_RPHG4,, 
Ch21=EEG_RPHG5,, 
Ch22=EEG_RPHG6,, 
Ch23=EEG_RPHG7,, 
Ch24=EEG_RPHG8,, 
Ch25=EEG_RTO1,, 
Ch26=EEG_RTO2,, 
Ch27=EEG_RTO3,, 
Ch28=EEG_RTO4,, 
Ch29=EEG_RTO5,, 
Ch30=EEG_RTO6,, 
Ch31=EEG_RTO7,, 
Ch32=EEG_RTO8,, 
Ch33=EEG_RO1,, 
Ch34=EEG_RO2,, 
Ch35=EEG_RO3,, 
Ch36=EEG_RO4,, 
Ch37=EEG_RO5,, 
Ch38=EEG_RO6,, 
Ch39=EEG_RO7,, 
Ch40=EEG_RO8,, 
Ch41=EEG_ROF-AC1,, 
Ch42=EEG_ROF-AC2,, 
Ch43=EEG_ROF-AC3,, 
Ch44=EEG_ROF-AC4,, 
Ch45=EEG_ROF-AC5,, 
Ch46=EEG_ROF-AC6,, 
Ch47=EEG_RF1,, 
Ch48=EEG_RF2,, 
Ch49=EEG_RF3,, 
Ch50=EEG_RF4,, 
Ch51=EEG_RF5,, 
Ch52=EEG_RF6,, 
Ch53=EEG_RF7,, 
Ch54=EEG_RF8,, 
Ch55=EEG_LOF1,, 
Ch56=EEG_LOF2,, 
Ch57=EEG_LOF3,, 
Ch58=EEG_LOF4,, 
Ch59=EEG_LOF5,, 
Ch60=EEG_LOF6,, 
Ch61=EEG_LOF7,, 
Ch62=EEG_LOF8,, 
Ch63=EEG_LMH1,, 
Ch64=EEG_LMH2,, 
Ch65=EEG_LMH3,, 
Ch66=EEG_LMH4,, 
Ch67=EEG_LMH5,, 
Ch68=EEG_LMH6,, 
Ch69=EEG_LMH7,, 
Ch70=EEG_LMH8,, 
Ch71=EEG_LPHG1,, 
Ch72=EEG_LPHG2,, 
Ch73=EEG_LPHG3,, 
Ch74=EEG_LPHG4,, 
Ch75=EEG_LPHG5,, 
Ch76=EEG_LPHG6,, 
Ch77=EEG_LPHG7,, 
Ch78=EEG_LPHG8,, 
Ch79=EEG_LO1,, 
Ch80=EEG_LO2,, 
Ch81=EEG_LO3,, 
Ch82=EEG_LO4,, 
Ch83=EEG_LO5,, 
Ch84=EEG_LO6,, 
Ch85=EEG_LA1,, 
Ch86=EEG_LA2,, 
Ch87=EEG_LA3,, 
Ch88=EEG_LA4,, 
Ch89=EEG_LA5,, 
Ch90=EEG_LA6,, 
Ch91=EEG_LA7,, 
Ch92=EEG_LA8,, 
Ch93=EMG_black_marke,, 
Ch94=EMG_white,, 
Ch95=EMG_blue,, 
Ch96=EMG_red,, 
Ch97=EMG_yellow,, 
Ch98=EMG_black,, 
Ch99=orange_ref,, 
Ch100=black_ref,, 
Ch101=ECG1,, 
Ch102=ECG2,, 

