Brain Vision Data Exchange Header File Version 1.0
; Data created from the EEGLAB software

[Common Infos]
DataFile=sub-013_task-Domino_ses-01_ieeg-Micro.dat
MarkerFile=sub-013_task-Domino_ses-01_ieeg-Micro.vmrk
DataFormat=BINARY
; Data orientation: VECTORIZED=ch1,pt1, ch1,pt2..., MULTIPLEXED=ch1,pt1, ch2,pt1 ...
DataOrientation=VECTORIZED
DataType=TIMEDOMAIN
NumberOfChannels=72
DataPoints=68356612
; Sampling interval in microseconds if time domain (convert to Hertz:
; 1000000 / SamplingInterval) or in Hertz if frequency domain:
SamplingInterval=3.333333e+01

[Binary Infos]
BinaryFormat=IEEE_FLOAT_32

[Channel Infos]
; Each entry: Ch<Channel number>=<Name>,<Reference channel name>,
; <Resolution in microvolts>,<Future extensions..
; Fields are delimited by commas, some fields might be omited (empty).
; Commas in channel names are coded as "".
Ch1=RA1,, 
Ch2=RA2,, 
Ch3=RA3,, 
Ch4=RA4,, 
Ch5=RA5,, 
Ch6=RA6,, 
Ch7=RA7,, 
Ch8=RA8,, 
Ch9=RMH1,, 
Ch10=RMH2,, 
Ch11=RMH3,, 
Ch12=RMH4,, 
Ch13=RMH5,, 
Ch14=RMH6,, 
Ch15=RMH7,, 
Ch16=RMH8,, 
Ch17=RMTG1,, 
Ch18=RMTG2,, 
Ch19=RMTG3,, 
Ch20=RMTG4,, 
Ch21=RMTG5,, 
Ch22=RMTG6,, 
Ch23=RMTG7,, 
Ch24=RMTG8,, 
Ch25=RTP1,, 
Ch26=RTP2,, 
Ch27=RTP3,, 
Ch28=RTP4,, 
Ch29=RTP5,, 
Ch30=RTP6,, 
Ch31=RTP7,, 
Ch32=RTP8,, 
Ch33=RAC1,, 
Ch34=RAC2,, 
Ch35=RAC3,, 
Ch36=RAC4,, 
Ch37=RAC5,, 
Ch38=RAC6,, 
Ch39=RAC7,, 
Ch40=RAC8,, 
Ch41=LA1,, 
Ch42=LA2,, 
Ch43=LA3,, 
Ch44=LA4,, 
Ch45=LA5,, 
Ch46=LA6,, 
Ch47=LA7,, 
Ch48=LA8,, 
Ch49=LMH1,, 
Ch50=LMH2,, 
Ch51=LMH3,, 
Ch52=LMH4,, 
Ch53=LMH5,, 
Ch54=LMH6,, 
Ch55=LMH7,, 
Ch56=LMH8,, 
Ch57=LAC1,, 
Ch58=LAC2,, 
Ch59=LAC3,, 
Ch60=LAC4,, 
Ch61=LAC5,, 
Ch62=LAC6,, 
Ch63=LAC7,, 
Ch64=LAC8,, 
Ch65=chan125,, 
Ch66=ainp1,, 
Ch67=ainp2,, 
Ch68=ainp3,, 
Ch69=ainp4,, 
Ch70=ainp5,, 
Ch71=ainp6,, 
Ch72=ainp7,, 

