Brain Vision Data Exchange Header File Version 1.0
; Data created from the EEGLAB software

[Common Infos]
DataFile=sub-014_task-Domino_ses-01_ieeg-Micro.dat
MarkerFile=sub-014_task-Domino_ses-01_ieeg-Micro.vmrk
DataFormat=BINARY
; Data orientation: VECTORIZED=ch1,pt1, ch1,pt2..., MULTIPLEXED=ch1,pt1, ch2,pt1 ...
DataOrientation=VECTORIZED
DataType=TIMEDOMAIN
NumberOfChannels=88
DataPoints=74017993
; Sampling interval in microseconds if time domain (convert to Hertz:
; 1000000 / SamplingInterval) or in Hertz if frequency domain:
SamplingInterval=3.333333e+01

[Binary Infos]
BinaryFormat=IEEE_FLOAT_32

[Channel Infos]
; Each entry: Ch<Channel number>=<Name>,<Reference channel name>,
; <Resolution in microvolts>,<Future extensions..
; Fields are delimited by commas, some fields might be omited (empty).
; Commas in channel names are coded as "".
Ch1=LA1,, 
Ch2=LA2,, 
Ch3=LA3,, 
Ch4=LA4,, 
Ch5=LA5,, 
Ch6=LA6,, 
Ch7=LA7,, 
Ch8=LA8,, 
Ch9=LSTG1,, 
Ch10=LSTG2,, 
Ch11=LSTG3,, 
Ch12=LSTG4,, 
Ch13=LSTG5,, 
Ch14=LSTG6,, 
Ch15=LSTG7,, 
Ch16=LSTG8,, 
Ch17=LAF1,, 
Ch18=LAF2,, 
Ch19=LAF3,, 
Ch20=LAF4,, 
Ch21=LAF5,, 
Ch22=LAF6,, 
Ch23=LAF7,, 
Ch24=LAF8,, 
Ch25=LF1,, 
Ch26=LF2,, 
Ch27=LF3,, 
Ch28=LF4,, 
Ch29=LF5,, 
Ch30=LF6,, 
Ch31=LF7,, 
Ch32=LF8,, 
Ch33=LMFG1,, 
Ch34=LMFG2,, 
Ch35=LMFG3,, 
Ch36=LMFG4,, 
Ch37=LMFG5,, 
Ch38=LMFG6,, 
Ch39=LMFG7,, 
Ch40=LMFG8,, 
Ch41=LOF1,, 
Ch42=LOF2,, 
Ch43=LOF3,, 
Ch44=LOF4,, 
Ch45=LOF5,, 
Ch46=LOF6,, 
Ch47=LOF7,, 
Ch48=LOF8,, 
Ch49=LPC1,, 
Ch50=LPC2,, 
Ch51=LPC3,, 
Ch52=LPC4,, 
Ch53=LPC5,, 
Ch54=LPC6,, 
Ch55=LPC7,, 
Ch56=LPC8,, 
Ch57=LSMA1,, 
Ch58=LSMA2,, 
Ch59=LSMA3,, 
Ch60=LSMA4,, 
Ch61=LSMA5,, 
Ch62=LSMA6,, 
Ch63=LSMA7,, 
Ch64=LSMA8,, 
Ch65=RF1,, 
Ch66=RF2,, 
Ch67=RF3,, 
Ch68=RF4,, 
Ch69=RF5,, 
Ch70=RF6,, 
Ch71=RF7,, 
Ch72=RF8,, 
Ch73=RMFG1,, 
Ch74=RMFG2,, 
Ch75=RMFG3,, 
Ch76=RMFG4,, 
Ch77=RMFG5,, 
Ch78=RMFG6,, 
Ch79=RMFG7,, 
Ch80=RMFG8,, 
Ch81=chan125,, 
Ch82=ainp1,, 
Ch83=ainp2,, 
Ch84=ainp3,, 
Ch85=ainp4,, 
Ch86=ainp5,, 
Ch87=ainp6,, 
Ch88=ainp7,, 

