Brain Vision Data Exchange Header File Version 1.0
; Data created from the EEGLAB software

[Common Infos]
DataFile=sub-033_task-Domino_ses-01_ieeg-Macro.dat
MarkerFile=sub-033_task-Domino_ses-01_ieeg-Macro.vmrk
DataFormat=BINARY
; Data orientation: VECTORIZED=ch1,pt1, ch1,pt2..., MULTIPLEXED=ch1,pt1, ch2,pt1 ...
DataOrientation=VECTORIZED
DataType=TIMEDOMAIN
NumberOfChannels=80
DataPoints=3495888
; Sampling interval in microseconds if time domain (convert to Hertz:
; 1000000 / SamplingInterval) or in Hertz if frequency domain:
SamplingInterval=500

[Binary Infos]
BinaryFormat=IEEE_FLOAT_32

[Channel Infos]
; Each entry: Ch<Channel number>=<Name>,<Reference channel name>,
; <Resolution in microvolts>,<Future extensions..
; Fields are delimited by commas, some fields might be omited (empty).
; Commas in channel names are coded as "".
Ch1=EEG_LOF1,, 
Ch2=EEG_LOF2,, 
Ch3=EEG_LOF3,, 
Ch4=EEG_LOF4,, 
Ch5=EEG_LOF5,, 
Ch6=EEG_LOF6,, 
Ch7=EEG_LOF7,, 
Ch8=EEG_LOF8,, 
Ch9=EEG_LEC1,, 
Ch10=EEG_LEC2,, 
Ch11=EEG_LEC3,, 
Ch12=EEG_LEC4,, 
Ch13=EEG_LEC5,, 
Ch14=EEG_LEC6,, 
Ch15=EEG_LEC7,, 
Ch16=EEG_LEC8,, 
Ch17=EEG_LA1,, 
Ch18=EEG_LA2,, 
Ch19=EEG_LA3,, 
Ch20=EEG_LA4,, 
Ch21=EEG_LA5,, 
Ch22=EEG_LA6,, 
Ch23=EEG_LA7,, 
Ch24=EEG_LA8,, 
Ch25=EEG_LH1,, 
Ch26=EEG_LH2,, 
Ch27=EEG_LH3,, 
Ch28=EEG_LH4,, 
Ch29=EEG_LH5,, 
Ch30=EEG_LH6,, 
Ch31=EEG_LH7,, 
Ch32=EEG_LH8,, 
Ch33=EEG_LSTGant1,, 
Ch34=EEG_LSTGant2,, 
Ch35=EEG_LSTGant3,, 
Ch36=EEG_LSTGant4,, 
Ch37=EEG_LSTGant5,, 
Ch38=EEG_LSTGant6,, 
Ch39=EEG_LSTGant7,, 
Ch40=EEG_LSTGant8,, 
Ch41=EEG_LSTGmid1,, 
Ch42=EEG_LSTGmid2,, 
Ch43=EEG_LSTGmid3,, 
Ch44=EEG_LSTGmid4,, 
Ch45=EEG_LSTGmid5,, 
Ch46=EEG_LSTGmid6,, 
Ch47=EEG_LSTGmid7,, 
Ch48=EEG_LSTGmid8,, 
Ch49=EEG_LSTGpost1,, 
Ch50=EEG_LSTGpost2,, 
Ch51=EEG_LSTGpost3,, 
Ch52=EEG_LSTGpost4,, 
Ch53=EEG_LSTGpost5,, 
Ch54=EEG_LSTGpost6,, 
Ch55=EEG_LSTGpost7,, 
Ch56=EEG_LSTGpost8,, 
Ch57=EEG_LTP1,, 
Ch58=EEG_LTP2,, 
Ch59=EEG_LTP3,, 
Ch60=EEG_LTP4,, 
Ch61=EEG_LTP5,, 
Ch62=EEG_LTP6,, 
Ch63=EEG_LTP7,, 
Ch64=EEG_LTP8,, 
Ch65=EMG_black1,, 
Ch66=EMG_red,, 
Ch67=EMG_white,, 
Ch68=EMG_blue,, 
Ch69=EMG_yellow,, 
Ch70=EMG_black2,, 
Ch71=grey_grey,, 
Ch72=green,, 
Ch73=blue,, 
Ch74=blk_blk,, 
Ch75=yellow,, 
Ch76=white,, 
Ch77=blk_grey,, 
Ch78=chan126,, 
Ch79=ECG1,, 
Ch80=ECG2,, 

