Brain Vision Data Exchange Header File Version 1.0
; Data created from the EEGLAB software

[Common Infos]
DataFile=sub-014_task-Domino_ses-01_ieeg-Macro.dat
MarkerFile=sub-014_task-Domino_ses-01_ieeg-Macro.vmrk
DataFormat=BINARY
; Data orientation: VECTORIZED=ch1,pt1, ch1,pt2..., MULTIPLEXED=ch1,pt1, ch2,pt1 ...
DataOrientation=VECTORIZED
DataType=TIMEDOMAIN
NumberOfChannels=86
DataPoints=4931776
; Sampling interval in microseconds if time domain (convert to Hertz:
; 1000000 / SamplingInterval) or in Hertz if frequency domain:
SamplingInterval=500

[Binary Infos]
BinaryFormat=IEEE_FLOAT_32

[Channel Infos]
; Each entry: Ch<Channel number>=<Name>,<Reference channel name>,
; <Resolution in microvolts>,<Future extensions..
; Fields are delimited by commas, some fields might be omited (empty).
; Commas in channel names are coded as "".
Ch1=EEG_LA1,, 
Ch2=EEG_LA2,, 
Ch3=EEG_LA3,, 
Ch4=EEG_LA4,, 
Ch5=EEG_LA5,, 
Ch6=EEG_LA6,, 
Ch7=EEG_LA7,, 
Ch8=EEG_LA8,, 
Ch9=EEG_LSTG1,, 
Ch10=EEG_LSTG2,, 
Ch11=EEG_LSTG3,, 
Ch12=EEG_LSTG4,, 
Ch13=EEG_LSTG5,, 
Ch14=EEG_LSTG6,, 
Ch15=EEG_LSTG7,, 
Ch16=EEG_LSTG8,, 
Ch17=EEG_LAF1,, 
Ch18=EEG_LAF2,, 
Ch19=EEG_LAF3,, 
Ch20=EEG_LAF4,, 
Ch21=EEG_LAF5,, 
Ch22=EEG_LAF6,, 
Ch23=EEG_LAF7,, 
Ch24=EEG_LAF8,, 
Ch25=EEG_LF1,, 
Ch26=EEG_LF2,, 
Ch27=EEG_LF3,, 
Ch28=EEG_LF4,, 
Ch29=EEG_LF5,, 
Ch30=EEG_LF6,, 
Ch31=EEG_LF7,, 
Ch32=EEG_LF8,, 
Ch33=EEG_LMFG1,, 
Ch34=EEG_LMFG2,, 
Ch35=EEG_LMFG3,, 
Ch36=EEG_LMFG4,, 
Ch37=EEG_LMFG5,, 
Ch38=EEG_LMFG6,, 
Ch39=EEG_LMFG7,, 
Ch40=EEG_LMFG8,, 
Ch41=EEG_LOF1,, 
Ch42=EEG_LOF2,, 
Ch43=EEG_LOF3,, 
Ch44=EEG_LOF4,, 
Ch45=EEG_LOF5,, 
Ch46=EEG_LOF6,, 
Ch47=EEG_LOF7,, 
Ch48=EEG_LOF8,, 
Ch49=EEG_LPC1,, 
Ch50=EEG_LPC2,, 
Ch51=EEG_LPC3,, 
Ch52=EEG_LPC4,, 
Ch53=EEG_LPC5,, 
Ch54=EEG_LPC6,, 
Ch55=EEG_LPC7,, 
Ch56=EEG_LPC8,, 
Ch57=EEG_LSMA1,, 
Ch58=EEG_LSMA2,, 
Ch59=EEG_LSMA3,, 
Ch60=EEG_LSMA4,, 
Ch61=EEG_LSMA5,, 
Ch62=EEG_LSMA6,, 
Ch63=EEG_LSMA7,, 
Ch64=EEG_LSMA8,, 
Ch65=EEG_RF1,, 
Ch66=EEG_RF2,, 
Ch67=EEG_RF3,, 
Ch68=EEG_RF4,, 
Ch69=EEG_RF5,, 
Ch70=EEG_RF6,, 
Ch71=EEG_RF7,, 
Ch72=EEG_RF8,, 
Ch73=EEG_RMFG1,, 
Ch74=EEG_RMFG2,, 
Ch75=EEG_RMFG3,, 
Ch76=EEG_RMFG4,, 
Ch77=EEG_RMFG5,, 
Ch78=EEG_RMFG6,, 
Ch79=EEG_RMFG7,, 
Ch80=EEG_RMFG8,, 
Ch81=Fz,, 
Ch82=Cz,, 
Ch83=Pz,, 
Ch84=C4,, 
Ch85=ECG1,, 
Ch86=ECG2,, 

