Brain Vision Data Exchange Header File Version 1.0
; Data created from the EEGLAB software

[Common Infos]
DataFile=sub-016_task-Domino_ses-01_ieeg-Micro.dat
MarkerFile=sub-016_task-Domino_ses-01_ieeg-Micro.vmrk
DataFormat=BINARY
; Data orientation: VECTORIZED=ch1,pt1, ch1,pt2..., MULTIPLEXED=ch1,pt1, ch2,pt1 ...
DataOrientation=VECTORIZED
DataType=TIMEDOMAIN
NumberOfChannels=89
DataPoints=56704267
; Sampling interval in microseconds if time domain (convert to Hertz:
; 1000000 / SamplingInterval) or in Hertz if frequency domain:
SamplingInterval=3.333333e+01

[Binary Infos]
BinaryFormat=IEEE_FLOAT_32

[Channel Infos]
; Each entry: Ch<Channel number>=<Name>,<Reference channel name>,
; <Resolution in microvolts>,<Future extensions..
; Fields are delimited by commas, some fields might be omited (empty).
; Commas in channel names are coded as "".
Ch1=LAF1,, 
Ch2=LAF2,, 
Ch3=LAF3,, 
Ch4=LAF4,, 
Ch5=LAF5,, 
Ch6=LAF6,, 
Ch7=LAF7,, 
Ch8=LAF8,, 
Ch9=LdAC1,, 
Ch10=LdAC2,, 
Ch11=LdAC3,, 
Ch12=LdAC4,, 
Ch13=LdAC5,, 
Ch14=LdAC6,, 
Ch15=LdAC7,, 
Ch16=LdAC8,, 
Ch17=LOFAC1,, 
Ch18=LOFAC2,, 
Ch19=LOFAC3,, 
Ch20=LOFAC4,, 
Ch21=LOFAC5,, 
Ch22=LOFAC6,, 
Ch23=LOFAC7,, 
Ch24=LOFAC8,, 
Ch25=LSF1,, 
Ch26=LSF2,, 
Ch27=LSF3,, 
Ch28=LSF4,, 
Ch29=LSF5,, 
Ch30=LSF6,, 
Ch31=LSF7,, 
Ch32=LSF8,, 
Ch33=LpCING1,, 
Ch34=LpCING2,, 
Ch35=LpCING3,, 
Ch36=LpCING4,, 
Ch37=LpCING5,, 
Ch38=LpCING6,, 
Ch39=LpCING7,, 
Ch40=LpCING8,, 
Ch41=LMH1,, 
Ch42=LMH2,, 
Ch43=LMH3,, 
Ch44=LMH4,, 
Ch45=LMH5,, 
Ch46=LMH6,, 
Ch47=LMH7,, 
Ch48=LMH8,, 
Ch49=LEC01,, 
Ch50=LEC02,, 
Ch51=LEC03,, 
Ch52=LEC04,, 
Ch53=LEC05,, 
Ch54=LEC06,, 
Ch55=LEC07,, 
Ch56=LEC08,, 
Ch57=LEC09,, 
Ch58=RdAC1,, 
Ch59=RdAC2,, 
Ch60=RdAC3,, 
Ch61=RdAC4,, 
Ch62=RdAC5,, 
Ch63=RdAC6,, 
Ch64=RdAC7,, 
Ch65=RdAC8,, 
Ch66=RpCING1,, 
Ch67=RpCING2,, 
Ch68=RpCING3,, 
Ch69=RpCING4,, 
Ch70=RpCING5,, 
Ch71=RpCING6,, 
Ch72=RpCING7,, 
Ch73=RpCING8,, 
Ch74=RSF1,, 
Ch75=RSF2,, 
Ch76=RSF3,, 
Ch77=RSF4,, 
Ch78=RSF5,, 
Ch79=RSF6,, 
Ch80=RSF7,, 
Ch81=RSF8,, 
Ch82=chan125,, 
Ch83=ainp1,, 
Ch84=ainp2,, 
Ch85=ainp3,, 
Ch86=ainp4,, 
Ch87=ainp5,, 
Ch88=ainp6,, 
Ch89=ainp7,, 

