Brain Vision Data Exchange Header File Version 1.0
; Data created from the EEGLAB software

[Common Infos]
DataFile=sub-033_task-Domino_ses-01_ieeg-Micro.dat
MarkerFile=sub-033_task-Domino_ses-01_ieeg-Micro.vmrk
DataFormat=BINARY
; Data orientation: VECTORIZED=ch1,pt1, ch1,pt2..., MULTIPLEXED=ch1,pt1, ch2,pt1 ...
DataOrientation=VECTORIZED
DataType=TIMEDOMAIN
NumberOfChannels=56
DataPoints=52470269
; Sampling interval in microseconds if time domain (convert to Hertz:
; 1000000 / SamplingInterval) or in Hertz if frequency domain:
SamplingInterval=3.333333e+01

[Binary Infos]
BinaryFormat=IEEE_FLOAT_32

[Channel Infos]
; Each entry: Ch<Channel number>=<Name>,<Reference channel name>,
; <Resolution in microvolts>,<Future extensions..
; Fields are delimited by commas, some fields might be omited (empty).
; Commas in channel names are coded as "".
Ch1=LOF1,, 
Ch2=LOF2,, 
Ch3=LOF3,, 
Ch4=LOF4,, 
Ch5=LOF5,, 
Ch6=LOF6,, 
Ch7=LOF7,, 
Ch8=LOF8,, 
Ch9=LEC1,, 
Ch10=LEC2,, 
Ch11=LEC3,, 
Ch12=LEC4,, 
Ch13=LEC5,, 
Ch14=LEC6,, 
Ch15=LEC7,, 
Ch16=LEC8,, 
Ch17=LA1,, 
Ch18=LA2,, 
Ch19=LA3,, 
Ch20=LA4,, 
Ch21=LA5,, 
Ch22=LA6,, 
Ch23=LA7,, 
Ch24=LA8,, 
Ch25=LH1,, 
Ch26=LH2,, 
Ch27=LH3,, 
Ch28=LH4,, 
Ch29=LH5,, 
Ch30=LH6,, 
Ch31=LH7,, 
Ch32=LH8,, 
Ch33=LSTGant1,, 
Ch34=LSTGant2,, 
Ch35=LSTGant3,, 
Ch36=LSTGant4,, 
Ch37=LSTGant5,, 
Ch38=LSTGant6,, 
Ch39=LSTGant7,, 
Ch40=LSTGant8,, 
Ch41=LSTGmid1,, 
Ch42=LSTGmid2,, 
Ch43=LSTGmid3,, 
Ch44=LSTGmid4,, 
Ch45=LSTGmid5,, 
Ch46=LSTGmid6,, 
Ch47=LSTGmid7,, 
Ch48=LSTGmid8,, 
Ch49=LSTGpost1,, 
Ch50=LSTGpost2,, 
Ch51=LSTGpost3,, 
Ch52=LSTGpost4,, 
Ch53=LSTGpost5,, 
Ch54=LSTGpost6,, 
Ch55=LSTGpost7,, 
Ch56=LSTGpost8,, 

