Brain Vision Data Exchange Header File Version 1.0
; Data created from the EEGLAB software

[Common Infos]
DataFile=sub-006_task-Domino_ses-01_ieeg-Micro.dat
MarkerFile=sub-006_task-Domino_ses-01_ieeg-Micro.vmrk
DataFormat=BINARY
; Data orientation: VECTORIZED=ch1,pt1, ch1,pt2..., MULTIPLEXED=ch1,pt1, ch2,pt1 ...
DataOrientation=VECTORIZED
DataType=TIMEDOMAIN
NumberOfChannels=115
DataPoints=27630769
; Sampling interval in microseconds if time domain (convert to Hertz:
; 1000000 / SamplingInterval) or in Hertz if frequency domain:
SamplingInterval=3.333333e+01

[Binary Infos]
BinaryFormat=IEEE_FLOAT_32

[Channel Infos]
; Each entry: Ch<Channel number>=<Name>,<Reference channel name>,
; <Resolution in microvolts>,<Future extensions..
; Fields are delimited by commas, some fields might be omited (empty).
; Commas in channel names are coded as "".
Ch1=RMH1,, 
Ch2=RMH2,, 
Ch3=RMH3,, 
Ch4=RMH4,, 
Ch5=RMH5,, 
Ch6=RMH6,, 
Ch7=RMH7,, 
Ch8=RMH8,, 
Ch9=REC9,, 
Ch10=REC10,, 
Ch11=REC11,, 
Ch12=REC12,, 
Ch13=REC13,, 
Ch14=REC14,, 
Ch15=REC15,, 
Ch16=REC16,, 
Ch17=RA17,, 
Ch18=RA18,, 
Ch19=RA19,, 
Ch20=RA20,, 
Ch21=RA21,, 
Ch22=RA22,, 
Ch23=RA23,, 
Ch24=RA24,, 
Ch25=RAC25,, 
Ch26=RAC26,, 
Ch27=RAC27,, 
Ch28=RAC28,, 
Ch29=RAC29,, 
Ch30=RAC30,, 
Ch31=RAC31,, 
Ch32=RAC32,, 
Ch33=RMC33,, 
Ch34=RMC34,, 
Ch35=RMC35,, 
Ch36=RMC36,, 
Ch37=RMC37,, 
Ch38=RMC38,, 
Ch39=RMC39,, 
Ch40=RMC40,, 
Ch41=RCAUD41,, 
Ch42=RCAUD42,, 
Ch43=RCAUD43,, 
Ch44=RCAUD44,, 
Ch45=RCAUD45,, 
Ch46=RCAUD46,, 
Ch47=RCAUD47,, 
Ch48=RCAUD48,, 
Ch49=RAF49,, 
Ch50=RAF50,, 
Ch51=RAF51,, 
Ch52=RAF52,, 
Ch53=RAF53,, 
Ch54=RAF54,, 
Ch55=RAF55,, 
Ch56=RAF56,,


