Brain Vision Data Exchange Header File Version 1.0
; Data created from the EEGLAB software

[Common Infos]
DataFile=sub-015_task-Domino_ses-01_ieeg-Micro.dat
MarkerFile=sub-015_task-Domino_ses-01_ieeg-Micro.vmrk
DataFormat=BINARY
; Data orientation: VECTORIZED=ch1,pt1, ch1,pt2..., MULTIPLEXED=ch1,pt1, ch2,pt1 ...
DataOrientation=VECTORIZED
DataType=TIMEDOMAIN
NumberOfChannels=71
DataPoints=65284361
; Sampling interval in microseconds if time domain (convert to Hertz:
; 1000000 / SamplingInterval) or in Hertz if frequency domain:
SamplingInterval=3.333333e+01

[Binary Infos]
BinaryFormat=IEEE_FLOAT_32

[Channel Infos]
; Each entry: Ch<Channel number>=<Name>,<Reference channel name>,
; <Resolution in microvolts>,<Future extensions..
; Fields are delimited by commas, some fields might be omited (empty).
; Commas in channel names are coded as "".
Ch1=RHC1,, 
Ch2=RHC2,, 
Ch3=RHC3,, 
Ch4=RHC4,, 
Ch5=RHC5,, 
Ch6=RHC6,, 
Ch7=RHC7,, 
Ch8=RHC8,, 
Ch9=ROF1,, 
Ch10=ROF2,, 
Ch11=ROF3,, 
Ch12=ROF4,, 
Ch13=ROF5,, 
Ch14=ROF6,, 
Ch15=ROF7,, 
Ch16=ROF8,, 
Ch17=ROPR1,, 
Ch18=ROPR2,, 
Ch19=ROPR3,, 
Ch20=ROPR4,, 
Ch21=ROPR5,, 
Ch22=ROPR6,, 
Ch23=ROPR7,, 
Ch24=ROPR8,, 
Ch25=RMF1,, 
Ch26=RMF2,, 
Ch27=RMF3,, 
Ch28=RMF4,, 
Ch29=RMF5,, 
Ch30=RMF6,, 
Ch31=RMF7,, 
Ch32=RMF8,, 
Ch33=RASF1,, 
Ch34=RASF2,, 
Ch35=RASF3,, 
Ch36=RASF4,, 
Ch37=RASF5,, 
Ch38=RASF6,, 
Ch39=RASF7,, 
Ch40=RASF8,, 
Ch41=RAC1,, 
Ch42=RAC2,, 
Ch43=RAC3,, 
Ch44=RAC4,, 
Ch45=RAC5,, 
Ch46=RAC6,, 
Ch47=RAC7,, 
Ch48=RAC8,, 
Ch49=LHC1,, 
Ch50=LHC2,, 
Ch51=LHC3,, 
Ch52=LHC4,, 
Ch53=LHC5,, 
Ch54=LHC6,, 
Ch55=LHC7,, 
Ch56=LHC8,, 
Ch57=LOF1,, 
Ch58=LOF2,, 
Ch59=LOF3,, 
Ch60=LOF4,, 
Ch61=LOF5,, 
Ch62=LOF6,, 
Ch63=LOF7,, 
Ch64=LOF8,, 
Ch65=ainp1,, 
Ch66=ainp2,, 
Ch67=ainp3,, 
Ch68=ainp4,, 
Ch69=ainp5,, 
Ch70=ainp6,, 
Ch71=ainp7,, 

