Brain Vision Data Exchange Header File Version 1.0
; Data created from the EEGLAB software

[Common Infos]
DataFile=sub-008_task-Domino_ses-01_ieeg-Micro.dat
MarkerFile=sub-008_task-Domino_ses-01_ieeg-Micro.vmrk
DataFormat=BINARY
; Data orientation: VECTORIZED=ch1,pt1, ch1,pt2..., MULTIPLEXED=ch1,pt1, ch2,pt1 ...
DataOrientation=VECTORIZED
DataType=TIMEDOMAIN
NumberOfChannels=80
DataPoints=54354066
; Sampling interval in microseconds if time domain (convert to Hertz:
; 1000000 / SamplingInterval) or in Hertz if frequency domain:
SamplingInterval=3.333333e+01

[Binary Infos]
BinaryFormat=IEEE_FLOAT_32

[Channel Infos]
; Each entry: Ch<Channel number>=<Name>,<Reference channel name>,
; <Resolution in microvolts>,<Future extensions..
; Fields are delimited by commas, some fields might be omited (empty).
; Commas in channel names are coded as "".
Ch1=RMH1,, 
Ch2=RMH2,, 
Ch3=RMH3,, 
Ch4=RMH4,, 
Ch5=RMH5,, 
Ch6=RMH6,, 
Ch7=RMH7,, 
Ch8=RMH8,, 
Ch9=REC9,, 
Ch10=REC10,, 
Ch11=REC11,, 
Ch12=REC12,, 
Ch13=REC13,, 
Ch14=REC14,, 
Ch15=REC15,, 
Ch16=REC16,, 
Ch17=RA17,, 
Ch18=RA18,, 
Ch19=RA19,, 
Ch20=RA20,, 
Ch21=RA21,, 
Ch22=RA22,, 
Ch23=RA23,, 
Ch24=RA24,, 
Ch25=RAI25,, 
Ch26=RAI26,, 
Ch27=RAI27,, 
Ch28=RAI28,, 
Ch29=RAI29,, 
Ch30=RAI30,, 
Ch31=RAI31,, 
Ch32=RAI32,, 
Ch33=ROF33,, 
Ch34=ROF34,, 
Ch35=ROF35,, 
Ch36=ROF36,, 
Ch37=ROF37,, 
Ch38=ROF38,, 
Ch39=ROF39,, 
Ch40=ROF40,, 
Ch41=RAC41,, 
Ch42=RAC42,, 
Ch43=RAC43,, 
Ch44=RAC44,, 
Ch45=RAC45,, 
Ch46=RAC46,, 
Ch47=RAC47,, 
Ch48=RAC48,, 
Ch49=RPT49,, 
Ch50=RPT50,, 
Ch51=RPT51,, 
Ch52=RPT52,, 
Ch53=RPT53,, 
Ch54=RPT54,, 
Ch55=RPT55,, 
Ch56=RPT56,, 
Ch57=LA57,, 
Ch58=LA58,, 
Ch59=LA59,, 
Ch60=LA60,, 
Ch61=LA61,, 
Ch62=LA62,, 
Ch63=LA63,, 
Ch64=LA64,, 
Ch65=LOF65,, 
Ch66=LOF66,, 
Ch67=LOF67,, 
Ch68=LOF68,, 
Ch69=LOF69,, 
Ch70=LOF70,, 
Ch71=LOF71,, 
Ch72=LOF72,, 
Ch73=LAC73,, 
Ch74=LAC74,, 
Ch75=LAC75,, 
Ch76=LAC76,, 
Ch77=LAC77,, 
Ch78=LAC78,, 
Ch79=LAC79,, 
Ch80=LAC80,, 

