Brain Vision Data Exchange Header File Version 1.0
; Data created from the EEGLAB software

[Common Infos]
DataFile=sub-034_task-Domino_ses-01_ieeg-Micro.dat
DataFormat=BINARY
; Data orientation: VECTORIZED=ch1,pt1, ch1,pt2..., MULTIPLEXED=ch1,pt1, ch2,pt1 ...
DataOrientation=VECTORIZED
DataType=TIMEDOMAIN
NumberOfChannels=48
DataPoints=59130746
; Sampling interval in microseconds if time domain (convert to Hertz:
; 1000000 / SamplingInterval) or in Hertz if frequency domain:
SamplingInterval=3.333333e+01

[Binary Infos]
BinaryFormat=IEEE_FLOAT_32

[Channel Infos]
; Each entry: Ch<Channel number>=<Name>,<Reference channel name>,
; <Resolution in microvolts>,<Future extensions..
; Fields are delimited by commas, some fields might be omited (empty).
; Commas in channel names are coded as "".
Ch1=RA1,, 
Ch2=RA2,, 
Ch3=RA3,, 
Ch4=RA4,, 
Ch5=RA5,, 
Ch6=RA6,, 
Ch7=RA7,, 
Ch8=RA8,, 
Ch9=RAH1,, 
Ch10=RAH2,, 
Ch11=RAH3,, 
Ch12=RAH4,, 
Ch13=RAH5,, 
Ch14=RAH6,, 
Ch15=RAH7,, 
Ch16=RAH8,, 
Ch17=RTO1,, 
Ch18=RTO2,, 
Ch19=RTO3,, 
Ch20=RTO4,, 
Ch21=RTO5,, 
Ch22=RTO6,, 
Ch23=RTO7,, 
Ch24=RTO8,, 
Ch25=RP3post1,, 
Ch26=RP3post2,, 
Ch27=RP3post3,, 
Ch28=RP3post4,, 
Ch29=RP3post5,, 
Ch30=RP3post6,, 
Ch31=RP3post7,, 
Ch32=RP3post8,, 
Ch33=LAH1,, 
Ch34=LAH2,, 
Ch35=LAH3,, 
Ch36=LAH4,, 
Ch37=LAH5,, 
Ch38=LAH6,, 
Ch39=LAH7,, 
Ch40=LAH8,, 
Ch41=LTP1,, 
Ch42=LTP2,, 
Ch43=LTP3,, 
Ch44=LTP4,, 
Ch45=LTP5,, 
Ch46=LTP6,, 
Ch47=LTP7,, 
Ch48=LTP8,, 

