Brain Vision Data Exchange Header File Version 1.0
; Data created from the EEGLAB software

[Common Infos]
DataFile=sub-032_task-Domino_ses-01_ieeg-Macro.dat
MarkerFile=sub-032_task-Domino_ses-01_ieeg-Macro.vmrk
DataFormat=BINARY
; Data orientation: VECTORIZED=ch1,pt1, ch1,pt2..., MULTIPLEXED=ch1,pt1, ch2,pt1 ...
DataOrientation=VECTORIZED
DataType=TIMEDOMAIN
NumberOfChannels=88
DataPoints=2195379
; Sampling interval in microseconds if time domain (convert to Hertz:
; 1000000 / SamplingInterval) or in Hertz if frequency domain:
SamplingInterval=500

[Binary Infos]
BinaryFormat=IEEE_FLOAT_32

[Channel Infos]
; Each entry: Ch<Channel number>=<Name>,<Reference channel name>,
; <Resolution in microvolts>,<Future extensions..
; Fields are delimited by commas, some fields might be omited (empty).
; Commas in channel names are coded as "".
Ch1=EEG_RFPolar1,, 
Ch2=EEG_RFPolar2,, 
Ch3=EEG_RFPolar3,, 
Ch4=EEG_RFPolar4,, 
Ch5=EEG_RFPolar5,, 
Ch6=EEG_RFPolar6,, 
Ch7=EEG_RFPolar7,, 
Ch8=EEG_RFPolar8,, 
Ch9=EEG_RAI1,, 
Ch10=EEG_RAI2,, 
Ch11=EEG_RAI3,, 
Ch12=EEG_RAI4,, 
Ch13=EEG_RAI5,, 
Ch14=EEG_RAI6,, 
Ch15=EEG_RAI7,, 
Ch16=EEG_RAI8,, 
Ch17=EEG_RPI1,, 
Ch18=EEG_RPI2,, 
Ch19=EEG_RPI3,, 
Ch20=EEG_RPI4,, 
Ch21=EEG_RPI5,, 
Ch22=EEG_RPI6,, 
Ch23=EEG_RPI7,, 
Ch24=EEG_RPI8,, 
Ch25=EEG_ROF25,, 
Ch26=EEG_ROF26,, 
Ch27=EEG_ROF27,, 
Ch28=EEG_ROF28,, 
Ch29=EEG_ROF29,, 
Ch30=EEG_ROF30,, 
Ch31=EEG_ROF31,, 
Ch32=EEG_ROF32,, 
Ch33=EEG_RAC1,, 
Ch34=EEG_RAC2,, 
Ch35=EEG_RAC3,, 
Ch36=EEG_RAC4,, 
Ch37=EEG_RAC5,, 
Ch38=EEG_RAC6,, 
Ch39=EEG_RAC7,, 
Ch40=EEG_RAC8,, 
Ch41=EEG_RdACC1,, 
Ch42=EEG_RdACC2,, 
Ch43=EEG_RdACC3,, 
Ch44=EEG_RdACC4,, 
Ch45=EEG_RdACC5,, 
Ch46=EEG_RdACC6,, 
Ch47=EEG_RdACC7,, 
Ch48=EEG_RdACC8,, 
Ch49=EEG_RA1,, 
Ch50=EEG_RA2,, 
Ch51=EEG_RA3,, 
Ch52=EEG_RA4,, 
Ch53=EEG_RA5,, 
Ch54=EEG_RA6,, 
Ch55=EEG_RA7,, 
Ch56=EEG_RA8,, 
Ch57=EEG_RH1,, 
Ch58=EEG_RH2,, 
Ch59=EEG_RH3,, 
Ch60=EEG_RH4,, 
Ch61=EEG_RH5,, 
Ch62=EEG_RH6,, 
Ch63=EEG_RH7,, 
Ch64=EEG_RH8,, 
Ch65=EEG_LFPolar1,, 
Ch66=EEG_LFPolar2,, 
Ch67=EEG_LFPolar3,, 
Ch68=EEG_LFPolar4,, 
Ch69=EEG_LFPolar5,, 
Ch70=EEG_LFPolar6,, 
Ch71=EEG_LFPolar7,, 
Ch72=EEG_LFPolar8,, 
Ch73=EEG_LOF1,, 
Ch74=EEG_LOF2,, 
Ch75=EEG_LOF3,, 
Ch76=EEG_LOF4,, 
Ch77=EEG_LOF5,, 
Ch78=EEG_LOF6,, 
Ch79=EEG_LOF7,, 
Ch80=EEG_LOF8,, 
Ch81=EEG_LdACC1,, 
Ch82=EEG_LdACC2,, 
Ch83=EEG_LdACC3,, 
Ch84=EEG_LdACC4,, 
Ch85=EEG_LdACC5,, 
Ch86=EEG_LdACC6,, 
Ch87=EEG_LdACC7,, 
Ch88=EEG_LdACC8,, 

