Brain Vision Data Exchange Header File Version 1.0
; Data created from the EEGLAB software

[Common Infos]
DataFile=sub-007_task-Domino_ses-01_ieeg-Micro.dat
MarkerFile=sub-007_task-Domino_ses-01_ieeg-Micro.vmrk
DataFormat=BINARY
; Data orientation: VECTORIZED=ch1,pt1, ch1,pt2..., MULTIPLEXED=ch1,pt1, ch2,pt1 ...
DataOrientation=VECTORIZED
DataType=TIMEDOMAIN
NumberOfChannels=75
DataPoints=68633042
; Sampling interval in microseconds if time domain (convert to Hertz:
; 1000000 / SamplingInterval) or in Hertz if frequency domain:
SamplingInterval=3.333333e+01

[Binary Infos]
BinaryFormat=IEEE_FLOAT_32

[Channel Infos]
; Each entry: Ch<Channel number>=<Name>,<Reference channel name>,
; <Resolution in microvolts>,<Future extensions..
; Fields are delimited by commas, some fields might be omited (empty).
; Commas in channel names are coded as "".
Ch1=RMH1,, 
Ch2=RMH2,, 
Ch3=RMH3,, 
Ch4=RMH4,, 
Ch5=RMH5,, 
Ch6=RMH6,, 
Ch7=RMH7,, 
Ch8=RMH8,, 
Ch9=REC9,, 
Ch10=REC10,, 
Ch11=REC11,, 
Ch12=REC12,, 
Ch13=REC13,, 
Ch14=REC14,, 
Ch15=REC15,, 
Ch16=REC16,, 
Ch17=RA17,, 
Ch18=RA18,, 
Ch19=RA19,, 
Ch20=RA20,, 
Ch21=RA21,, 
Ch22=RA22,, 
Ch23=RA23,, 
Ch24=RA24,, 
Ch25=ROF25,, 
Ch26=ROF26,, 
Ch27=ROF27,, 
Ch28=ROF28,, 
Ch29=ROF29,, 
Ch30=ROF30,, 
Ch31=ROF31,, 
Ch32=ROF32,, 
Ch33=RMC33,, 
Ch34=RMC34,, 
Ch35=RMC35,, 
Ch36=RMC36,, 
Ch37=RMC37,, 
Ch38=RMC38,, 
Ch39=RMC39,, 
Ch40=RMC40,, 
Ch41=LMH41,, 
Ch42=LMH42,, 
Ch43=LMH43,, 
Ch44=LMH44,, 
Ch45=LMH45,, 
Ch46=LMH46,, 
Ch47=LMH47,, 
Ch48=LMH48,, 
Ch49=LEC49,, 
Ch50=LEC50,, 
Ch51=LEC51,, 
Ch52=LEC52,, 
Ch53=LEC53,, 
Ch54=LEC54,, 
Ch55=LEC55,, 
Ch56=LEC56,, 
Ch57=LA57,, 
Ch58=LA58,, 
Ch59=LA59,, 
Ch60=LA60,, 
Ch61=LA61,, 
Ch62=LA62,, 
Ch63=LA63,, 
Ch64=LA64,, 
Ch65=LOF65,, 
Ch66=LOF66,, 
Ch67=LOF67,, 
Ch68=LOF68,, 
Ch69=LOF69,, 
Ch70=LOF70,, 
Ch71=LOF71,, 
Ch72=LOF72,, 
Ch73=ainp1,, 
Ch74=ainp2,, 
Ch75=ainp3,, 

