Brain Vision Data Exchange Header File Version 1.0
; Data created from the EEGLAB software

[Common Infos]
DataFile=sub-011_task-Domino_ses-01_ieeg-Macro.dat
MarkerFile=sub-011_task-Domino_ses-01_ieeg-Macro.vmrk
DataFormat=BINARY
; Data orientation: VECTORIZED=ch1,pt1, ch1,pt2..., MULTIPLEXED=ch1,pt1, ch2,pt1 ...
DataOrientation=VECTORIZED
DataType=TIMEDOMAIN
NumberOfChannels=99
DataPoints=4711152
; Sampling interval in microseconds if time domain (convert to Hertz:
; 1000000 / SamplingInterval) or in Hertz if frequency domain:
SamplingInterval=500

[Binary Infos]
BinaryFormat=IEEE_FLOAT_32

[Channel Infos]
; Each entry: Ch<Channel number>=<Name>,<Reference channel name>,
; <Resolution in microvolts>,<Future extensions..
; Fields are delimited by commas, some fields might be omited (empty).
; Commas in channel names are coded as "".
Ch1=RAH_EEG1,, 
Ch2=RAH_EEG2,, 
Ch3=RAH_EEG3,, 
Ch4=RAH_EEG4,, 
Ch5=RAH_EEG5,, 
Ch6=RAH_EEG6,, 
Ch7=RAH_EEG7,, 
Ch8=RAH_EEG8,, 
Ch9=RaSTG2_EEG1,, 
Ch10=RaSTG2_EEG2,, 
Ch11=RaSTG2_EEG3,, 
Ch12=RaSTG2_EEG4,, 
Ch13=RaSTG2_EEG5,, 
Ch14=RaSTG2_EEG6,, 
Ch15=RaSTG2_EEG7,, 
Ch16=RaSTG2_EEG8,, 
Ch17=RaSTG1_EEG1,, 
Ch18=RaSTG1_EEG2,, 
Ch19=RaSTG1_EEG3,, 
Ch20=RaSTG1_EEG4,, 
Ch21=RaSTG1_EEG5,, 
Ch22=RaSTG1_EEG6,, 
Ch23=RaSTG1_EEG7,, 
Ch24=RaSTG1_EEG8,, 
Ch25=RP_EEG1,, 
Ch26=RP_EEG2,, 
Ch27=RP_EEG3,, 
Ch28=RP_EEG4,, 
Ch29=RP_EEG5,, 
Ch30=RP_EEG6,, 
Ch31=RP_EEG7,, 
Ch32=RP_EEG8,, 
Ch33=RpSMA_EEG1,, 
Ch34=RpSMA_EEG2,, 
Ch35=RpSMA_EEG3,, 
Ch36=RpSMA_EEG4,, 
Ch37=RpSMA_EEG5,, 
Ch38=RpSMA_EEG6,, 
Ch39=RpSMA_EEG7,, 
Ch40=RpSMA_EEG8,, 
Ch41=RdAC_EEG1,, 
Ch42=RdAC_EEG2,, 
Ch43=RdAC_EEG3,, 
Ch44=RdAC_EEG4,, 
Ch45=RdAC_EEG5,, 
Ch46=RdAC_EEG6,, 
Ch47=RdAC_EEG7,, 
Ch48=RdAC_EEG8,, 
Ch49=RmdAC_EEG1,, 
Ch50=RmdAC_EEG2,, 
Ch51=RmdAC_EEG3,, 
Ch52=RmdAC_EEG4,, 
Ch53=RmdAC_EEG5,, 
Ch54=RmdAC_EEG6,, 
Ch55=RmdAC_EEG7,, 
Ch56=RmdAC_EEG8,, 
Ch57=RasOF_EEG1,, 
Ch58=RasOF_EEG2,, 
Ch59=RasOF_EEG3,, 
Ch60=RasOF_EEG4,, 
Ch61=RasOF_EEG5,, 
Ch62=RasOF_EEG6,, 
Ch63=RasOF_EEG7,, 
Ch64=RasOF_EEG8,, 
Ch65=ROF_EEG1,, 
Ch66=ROF_EEG2,, 
Ch67=ROF_EEG3,, 
Ch68=ROF_EEG4,, 
Ch69=ROF_EEG5,, 
Ch70=ROF_EEG6,, 
Ch71=ROF_EEG7,, 
Ch72=ROF_EEG8,, 
Ch73=RaOF_EEG1,, 
Ch74=RaOF_EEG2,, 
Ch75=RaOF_EEG3,, 
Ch76=RaOF_EEG4,, 
Ch77=RaOF_EEG5,, 
Ch78=RaOF_EEG6,, 
Ch79=RaOF_EEG7,, 
Ch80=RaOF_EEG8,, 
Ch81=RpT_EEG1,, 
Ch82=RpT_EEG2,, 
Ch83=RpT_EEG3,, 
Ch84=RpT_EEG4,, 
Ch85=RpT_EEG5,, 
Ch86=RpT_EEG6,, 
Ch87=RpT_EEG7,, 
Ch88=RpT_EEG8,, 
Ch89=EMG1,, 
Ch90=EMG2,, 
Ch91=EMG3,, 
Ch92=EMG4,, 
Ch93=EMG5,, 
Ch94=EMG6,, 
Ch95=T6,, 
Ch96=F4,, 
Ch97=C4,, 
Ch98=ECG1,, 
Ch99=ECG2,, 

